GEM
  remote: https://rubygems.org/
  specs:
    base64 (0.2.0)
    dotenv (3.1.2)
    minitest (5.23.1)
    nio4r (2.7.3)
    puma (6.4.2)
      nio4r (~> 2.0)
    rack (3.0.11)
    rackup (2.1.0)
      rack (>= 3)
      webrick (~> 1.8)
    rake (13.2.1)
    webrick (1.8.1)

PLATFORMS
  ruby
  x86_64-linux

DEPENDENCIES
  base64 (~> 0.2.0)
  dotenv (~> 3.1)
  minitest (~> 5.23)
  puma (~> 6.4)
  rack (~> 3.0)
  rackup (~> 2.1)
  rake (~> 13.2)

BUNDLED WITH
   2.5.10
